GEM
  remote: https://rubygems.org/
  specs:
    actioncable (5.1.1)
      actionpack (= 5.1.1)
      nio4r (~> 2.0)
      websocket-driver (~> 0.6.1)
    actionmailer (5.1.1)
      actionpack (= 5.1.1)
      actionview (= 5.1.1)
      activejob (= 5.1.1)
      mail (~> 2.5, >= 2.5.4)
      rails-dom-testing (~> 2.0)
    actionpack (5.1.1)
      actionview (= 5.1.1)
      activesupport (= 5.1.1)
      rack (~> 2.0)
      rack-test (~> 0.6.3)
      rails-dom-testing (~> 2.0)
      rails-html-sanitizer (~> 1.0, >= 1.0.2)
    actionview (5.1.1)
      activesupport (= 5.1.1)
      builder (~> 3.1)
      erubi (~> 1.4)
      rails-dom-testing (~> 2.0)
      rails-html-sanitizer (~> 1.0, >= 1.0.3)
    activejob (5.1.1)
      activesupport (= 5.1.1)
      globalid (>= 0.3.6)
    activemodel (5.1.1)
      activesupport (= 5.1.1)
    activerecord (5.1.1)
      activemodel (= 5.1.1)
      activesupport (= 5.1.1)
      arel (~> 8.0)
    activesupport (5.1.1)
      concurrent-ruby (~> 1.0, >= 1.0.2)
      i18n (~> 0.7)
      minitest (~> 5.1)
      tzinfo (~> 1.1)
    arel (8.0.0)
    autoprefixer-rails (7.1.1)
      execjs
    aws-sdk (2.9.23)
      aws-sdk-resources (= 2.9.23)
    aws-sdk-core (2.9.23)
      aws-sigv4 (~> 1.0)
      jmespath (~> 1.0)
    aws-sdk-resources (2.9.23)
      aws-sdk-core (= 2.9.23)
    aws-sigv4 (1.0.0)
    axiom-types (0.1.1)
      descendants_tracker (~> 0.0.4)
      ice_nine (~> 0.11.0)
      thread_safe (~> 0.3, >= 0.3.1)
    bcrypt (3.1.16)
    bootstrap-sass (3.3.7)
      autoprefixer-rails (>= 5.2.1)
      sass (>= 3.3.4)
    builder (3.2.3)
    byebug (11.0.1)
    cancancan (2.0.0)
    carmen (1.0.2)
      activesupport (>= 3.0.0)
    carmen-rails (1.0.1)
      carmen (~> 1.0.0)
      rails
    carrierwave (1.1.0)
      activemodel (>= 4.0.0)
      activesupport (>= 4.0.0)
      mime-types (>= 1.16)
    carrierwave-aws (1.1.0)
      aws-sdk (~> 2.0)
      carrierwave (>= 0.7, < 2.0)
    cocoon (1.2.10)
    coderay (1.1.2)
    coercible (1.0.0)
      descendants_tracker (~> 0.0.1)
    coffee-rails (4.2.1)
      coffee-script (>= 2.2.0)
      railties (>= 4.0.0, < 5.2.x)
    coffee-script (2.4.1)
      coffee-script-source
      execjs
    coffee-script-source (1.12.2)
    concurrent-ruby (1.0.5)
    descendants_tracker (0.0.4)
      thread_safe (~> 0.3, >= 0.3.1)
    devise (4.7.3)
      bcrypt (~> 3.0)
      orm_adapter (~> 0.1)
      railties (>= 4.1.0)
      responders
      warden (~> 1.2.3)
    devise_invitable (1.7.2)
      actionmailer (>= 4.1.0)
      devise (>= 4.0.0)
    dotenv (2.2.1)
    dotenv-rails (2.2.1)
      dotenv (= 2.2.1)
      railties (>= 3.2, < 5.2)
    effective_addresses (1.7.1)
      carmen-rails
      coffee-rails
      rails (>= 3.2.0)
    effective_assets (1.9.7)
      carrierwave-aws
      coffee-rails
      jquery-fileupload-rails
      jquery-rails
      mini_magick
      rails (>= 3.2.0)
      sass-rails
      sucker_punch
    effective_ckeditor (1.8.2)
      rails (>= 3.2.0)
      sass-rails
    effective_datatables (3.4.0)
      coffee-rails
      effective_resources (>= 0.7.0)
      rails (>= 3.2.0)
      sass-rails
      simple_form
    effective_developer (0.5.4)
      effective_resources
      rails (>= 3.2.0)
    effective_form_inputs (1.2.0)
      rails (>= 3.2.0)
      simple_form (>= 3.1.0)
    effective_logging (1.10.10)
      coffee-rails
      devise
      effective_datatables (>= 2.0.0)
      effective_resources
      rails (>= 3.2.0)
    effective_orders (2.2.3)
      coffee-rails
      devise
      effective_addresses (>= 1.6.0)
      effective_datatables (>= 2.0.0)
      haml-rails
      jquery-rails
      rails (>= 3.2.0)
      sass-rails
      simple_form
    effective_pages (1.1.6)
      effective_ckeditor (>= 1.6.2)
      effective_datatables (>= 2.0.0)
      effective_regions (>= 1.4.4)
      effective_roles (>= 1.2.1)
      effective_slugs (>= 1.1.0)
      rails (>= 3.2.0)
      sass-rails
      simple_form
    effective_posts (0.5.5)
      effective_ckeditor (>= 1.2.0)
      effective_datatables (>= 2.0.0)
      effective_regions (>= 1.6.9)
      kaminari
      nokogiri
      rails (>= 3.2.0)
      sass-rails
      simple_form
    effective_regions (1.7.2)
      effective_ckeditor
      rails (>= 3.2.0)
      virtus
    effective_resources (0.7.11)
      rails (>= 3.2.0)
    effective_roles (1.4.3)
      rails (>= 3.2.0)
    effective_slugs (1.3.1)
      rails (>= 3.2.0)
    effective_style_guide (1.5.4)
      coffee-rails
      faker
      rails (>= 3.2.0)
      simple_form
    effective_trash (0.2.4)
      coffee-rails
      devise
      effective_datatables
      effective_resources
      rails (>= 3.2.0)
    equalizer (0.0.11)
    erubi (1.6.0)
    erubis (2.7.0)
    exception_notification (4.2.1)
      actionmailer (>= 4.0, < 6)
      activesupport (>= 4.0, < 6)
    execjs (2.7.0)
    faker (1.7.3)
      i18n (~> 0.5)
    flamegraph (0.9.5)
    font-awesome-sass (4.7.0)
      sass (>= 3.2)
    foreman (0.84.0)
      thor (~> 0.19.1)
    globalid (0.4.0)
      activesupport (>= 4.2.0)
    haml (5.2.1)
      temple (>= 0.8.0)
      tilt
    haml-rails (2.0.1)
      actionpack (>= 5.1)
      activesupport (>= 5.1)
      haml (>= 4.0.6, < 6.0)
      html2haml (>= 1.0.1)
      railties (>= 5.1)
    html2haml (2.2.0)
      erubis (~> 2.7.0)
      haml (>= 4.0, < 6)
      nokogiri (>= 1.6.0)
      ruby_parser (~> 3.5)
    i18n (0.8.1)
    ice_nine (0.11.2)
    jmespath (1.3.1)
    jquery-fileupload-rails (0.4.7)
      actionpack (>= 3.1)
      railties (>= 3.1)
      sass (>= 3.2)
    jquery-rails (4.3.1)
      rails-dom-testing (>= 1, < 3)
      railties (>= 4.2.0)
      thor (>= 0.14, < 2.0)
    kaminari (1.0.1)
      activesupport (>= 4.1.0)
      kaminari-actionview (= 1.0.1)
      kaminari-activerecord (= 1.0.1)
      kaminari-core (= 1.0.1)
    kaminari-actionview (1.0.1)
      actionview
      kaminari-core (= 1.0.1)
    kaminari-activerecord (1.0.1)
      activerecord
      kaminari-core (= 1.0.1)
    kaminari-core (1.0.1)
    loofah (2.0.3)
      nokogiri (>= 1.5.9)
    mail (2.6.5)
      mime-types (>= 1.16, < 4)
    memory_profiler (0.9.8)
    method_source (0.8.2)
    mime-types (3.1)
      mime-types-data (~> 3.2015)
    mime-types-data (3.2016.0521)
    mini_magick (4.7.0)
    mini_portile2 (2.1.0)
    minitest (5.10.2)
    nio4r (2.0.0)
    nokogiri (1.7.2)
      mini_portile2 (~> 2.1.0)
    orm_adapter (0.5.0)
    passenger (5.1.4)
      rack
      rake (>= 0.8.1)
    pg (0.21.0)
    pry (0.11.0)
      coderay (~> 1.1.0)
      method_source (~> 0.8.1)
    pry-byebug (3.7.0)
      byebug (~> 11.0)
      pry (~> 0.10)
    rack (2.0.3)
    rack-mini-profiler (0.10.5)
      rack (>= 1.2.0)
    rack-test (0.6.3)
      rack (>= 1.0)
    rack-timeout (0.4.2)
    rails (5.1.1)
      actioncable (= 5.1.1)
      actionmailer (= 5.1.1)
      actionpack (= 5.1.1)
      actionview (= 5.1.1)
      activejob (= 5.1.1)
      activemodel (= 5.1.1)
      activerecord (= 5.1.1)
      activesupport (= 5.1.1)
      bundler (>= 1.3.0, < 2.0)
      railties (= 5.1.1)
      sprockets-rails (>= 2.0.0)
    rails-dom-testing (2.0.3)
      activesupport (>= 4.2.0)
      nokogiri (>= 1.6)
    rails-html-sanitizer (1.0.3)
      loofah (~> 2.0)
    rails_12factor (0.0.3)
      rails_serve_static_assets
      rails_stdout_logging
    rails_serve_static_assets (0.0.5)
    rails_stdout_logging (0.0.5)
    railties (5.1.1)
      actionpack (= 5.1.1)
      activesupport (= 5.1.1)
      method_source
      rake (>= 0.8.7)
      thor (>= 0.18.1, < 2.0)
    rake (12.0.0)
    responders (3.0.1)
      actionpack (>= 5.0)
      railties (>= 5.0)
    ruby_parser (3.15.1)
      sexp_processor (~> 4.9)
    sass (3.4.24)
    sass-rails (5.0.6)
      railties (>= 4.0.0, < 6)
      sass (~> 3.1)
      sprockets (>= 2.8, < 4.0)
      sprockets-rails (>= 2.0, < 4.0)
      tilt (>= 1.1, < 3)
    sexp_processor (4.15.2)
    simple_form (3.5.0)
      actionpack (> 4, < 5.2)
      activemodel (> 4, < 5.2)
    sprockets (3.7.1)
      concurrent-ruby (~> 1.0)
      rack (> 1, < 3)
    sprockets-rails (3.2.0)
      actionpack (>= 4.0)
      activesupport (>= 4.0)
      sprockets (>= 3.0.0)
    stackprof (0.2.10)
    sucker_punch (2.0.2)
      concurrent-ruby (~> 1.0.0)
    temple (0.8.0)
    thor (0.19.4)
    thread_safe (0.3.6)
    tilt (2.0.7)
    turbolinks (5.0.1)
      turbolinks-source (~> 5)
    turbolinks-source (5.0.3)
    tzinfo (1.2.3)
      thread_safe (~> 0.1)
    uglifier (3.2.0)
      execjs (>= 0.3.0, < 3)
    virtus (1.0.5)
      axiom-types (~> 0.1)
      coercible (~> 1.0)
      descendants_tracker (~> 0.0, >= 0.0.3)
      equalizer (~> 0.0, >= 0.0.9)
    warden (1.2.7)
      rack (>= 1.0)
    websocket-driver (0.6.5)
      websocket-extensions (>= 0.1.0)
    websocket-extensions (0.1.2)
    wicked (1.3.2)
      railties (>= 3.0.7)

PLATFORMS
  ruby

DEPENDENCIES
  bootstrap-sass
  cancancan
  cocoon
  coffee-rails
  devise
  devise_invitable
  dotenv-rails
  effective_addresses
  effective_assets
  effective_datatables (~> 3.0)
  effective_developer
  effective_form_inputs
  effective_logging
  effective_orders
  effective_pages
  effective_posts
  effective_roles
  effective_style_guide
  effective_trash
  exception_notification
  flamegraph
  font-awesome-sass
  foreman
  haml-rails
  jquery-rails
  memory_profiler
  passenger
  pg (< 1.0)
  pry-byebug
  rack-mini-profiler
  rack-timeout
  rails
  rails_12factor
  sass-rails
  simple_form
  stackprof
  sucker_punch
  turbolinks
  uglifier
  wicked

RUBY VERSION
   ruby 2.7.2p137

BUNDLED WITH
   1.17.3
